PATH
  remote: .
  specs:
    rpn_calculator (0.0.1)

GEM
  remote: https://rubygems.org/
  specs:
    ansi (1.5.0)
    awesome_print (1.6.1)
    builder (3.2.2)
    minitest (5.6.1)
    minitest-reporters (1.0.14)
      ansi
      builder
      minitest (>= 5.0)
      ruby-progressbar
    rake (10.4.2)
    ruby-progressbar (1.7.5)

PLATFORMS
  ruby

DEPENDENCIES
  awesome_print
  bundler (~> 1.7)
  minitest
  minitest-reporters (>= 1.0.1)
  rake (~> 10.0)
  rpn_calculator!
